PATH
  remote: ../rulers
  specs:
    rulers (0.3.0)
      rack

GEM
  remote: https://rubygems.org/
  specs:
    ffi (1.10.0)
    listen (1.3.1)
      rb-fsevent (>= 0.9.3)
      rb-inotify (>= 0.9)
      rb-kqueue (>= 0.2)
    rack (2.0.7)
    rb-fsevent (0.10.3)
    rb-inotify (0.10.0)
      ffi (~> 1.0)
    rb-kqueue (0.2.5)
      ffi (>= 0.5.0)
    rerun (0.8.1)
      listen (>= 1.0.3)

PLATFORMS
  ruby

DEPENDENCIES
  listen (= 1.3.1)
  rerun
  rulers!

BUNDLED WITH
   2.0.1
