GEM
  remote: https://rubygems.org/
  specs:
    rack (2.0.7)
    rulers (0.2.0)
      rack

PLATFORMS
  ruby

DEPENDENCIES
  rulers

BUNDLED WITH
   2.0.1
